GEM
  remote: http://rubygems.org/
  specs:
    haml (3.1.4)
    nokogiri (1.5.0)
    rack (1.4.1)
    rack-protection (1.2.0)
      rack
    sinatra (1.3.0)
      rack (~> 1.3)
      rack-protection (~> 1.1)
      tilt (~> 1.3)
    tilt (1.3.3)

PLATFORMS
  ruby

DEPENDENCIES
  haml (= 3.1.4)
  nokogiri (= 1.5.0)
  sinatra (= 1.3.0)
